PATH
  remote: .
  specs:
    la_carte (0.1.0)
      i18n (~> 0.7)

GEM
  remote: https://rubygems.org/
  specs:
    coderay (1.1.2)
    concurrent-ruby (1.0.5)
    i18n (0.9.1)
      concurrent-ruby (~> 1.0)
    method_source (0.9.0)
    minitest (5.10.3)
    pry (0.11.3)
      coderay (~> 1.1.0)
      method_source (~> 0.9.0)
    rake (10.5.0)

PLATFORMS
  ruby

DEPENDENCIES
  bundler (~> 1.15)
  la_carte!
  minitest (~> 5.0)
  pry
  rake (~> 10.0)

BUNDLED WITH
   1.16.0
